PATH
  remote: .
  specs:
    config_reader (2.0.0)
      deep_merge

GEM
  remote: http://rubygems.org/
  specs:
    arrayfields (4.9.2)
    chronic (0.10.2)
    coderay (1.1.2)
    coerce (0.0.8)
      chronic (>= 0.6.2)
    deep_merge (1.2.1)
    diff-lcs (1.3)
    fattr (2.4.0)
    highline (1.7.10)
    main (6.2.3)
      arrayfields (~> 4.7, >= 4.7.4)
      chronic (~> 0.6, >= 0.6.2)
      fattr (~> 2.2, >= 2.2.0)
      map (~> 6.1, >= 6.1.0)
    map (6.6.0)
    method_source (0.9.2)
    pry (0.12.2)
      coderay (~> 1.1.0)
      method_source (~> 0.9.0)
    rake (13.0.1)
    rspec (3.9.0)
      rspec-core (~> 3.9.0)
      rspec-expectations (~> 3.9.0)
      rspec-mocks (~> 3.9.0)
    rspec-core (3.9.1)
      rspec-support (~> 3.9.1)
    rspec-expectations (3.9.1)
      diff-lcs (>= 1.2.0, < 2.0)
      rspec-support (~> 3.9.0)
    rspec-mocks (3.9.1)
      diff-lcs (>= 1.2.0, < 2.0)
      rspec-support (~> 3.9.0)
    rspec-support (3.9.2)
    sekrets (1.13.0)
      coerce (~> 0.0.3)
      fattr (~> 2.2)
      highline (~> 1.6)
      main (~> 6.1)
      map (~> 6.3)

PLATFORMS
  ruby

DEPENDENCIES
  config_reader!
  pry
  rake
  rspec (~> 3.9)
  sekrets (~> 1)

BUNDLED WITH
   1.17.2
