PATH
  remote: .
  specs:
    config_reader (1.0.5)
      deep_merge

GEM
  remote: http://rubygems.org/
  specs:
    arrayfields (4.9.2)
    chronic (0.10.2)
    coderay (1.1.0)
    coerce (0.0.8)
      chronic (>= 0.6.2)
    deep_merge (1.1.1)
    fattr (2.3.0)
    highline (1.7.10)
    main (6.2.2)
      arrayfields (~> 4.7, >= 4.7.4)
      chronic (~> 0.6, >= 0.6.2)
      fattr (~> 2.2, >= 2.2.0)
      map (~> 6.1, >= 6.1.0)
    map (6.6.0)
    method_source (0.8.2)
    pry (0.9.12.6)
      coderay (~> 1.0)
      method_source (~> 0.8)
      slop (~> 3.4)
    rake (0.9.2.2)
    rspec (1.3.2)
    sekrets (1.10.0)
      coerce (~> 0.0.3)
      fattr (~> 2.2)
      highline (~> 1.6)
      main (~> 6.1)
      map (~> 6.3)
    slop (3.5.0)

PLATFORMS
  ruby

DEPENDENCIES
  config_reader!
  pry
  rake
  rspec (= 1.3.2)
  sekrets (~> 1)

BUNDLED WITH
   1.16.1
