GIT
  remote: https://github.com/UnderpantsGnome/sekrets.git
  revision: 9f939c7789e2ed03902db9534b9df5cc8030c365
  branch: ruby-3-2-support
  specs:
    sekrets (1.13.0)
      coerce (~> 0.0.3)
      fattr (~> 2.2)
      highline (~> 1.6)
      main (~> 6.1)
      map (~> 6.3)

PATH
  remote: .
  specs:
    config_reader (2.0.2)

GEM
  remote: http://rubygems.org/
  specs:
    arrayfields (4.9.2)
    chronic (0.10.2)
    coderay (1.1.3)
    coerce (0.0.8)
      chronic (>= 0.6.2)
    diff-lcs (1.5.0)
    fattr (2.4.0)
    highline (1.7.10)
    main (6.3.0)
      arrayfields (~> 4.9, >= 4.9.2)
      chronic (~> 0.10, >= 0.10.2)
      fattr (~> 2.4, >= 2.4.0)
      map (~> 6.6, >= 6.6.0)
    map (6.6.0)
    method_source (1.0.0)
    pry (0.14.2)
      coderay (~> 1.1)
      method_source (~> 1.0)
    psych (5.1.0)
      stringio
    rake (13.0.6)
    rspec (3.12.0)
      rspec-core (~> 3.12.0)
      rspec-expectations (~> 3.12.0)
      rspec-mocks (~> 3.12.0)
    rspec-core (3.12.1)
      rspec-support (~> 3.12.0)
    rspec-expectations (3.12.2)
      diff-lcs (>= 1.2.0, < 2.0)
      rspec-support (~> 3.12.0)
    rspec-mocks (3.12.3)
      diff-lcs (>= 1.2.0, < 2.0)
      rspec-support (~> 3.12.0)
    rspec-support (3.12.0)
    stringio (3.0.5)

PLATFORMS
  ruby

DEPENDENCIES
  config_reader!
  pry
  psych
  rake
  rspec (~> 3.9)
  sekrets!

BUNDLED WITH
   2.3.13
