PATH
  remote: .
  specs:
    config_reader (0.0.9)

GEM
  remote: http://rubygems.org/
  specs:
    rake (0.9.2.2)
    rspec (1.3.2)

PLATFORMS
  ruby

DEPENDENCIES
  config_reader!
  rake
  rspec (= 1.3.2)
